GEM
  remote: http://rubygems.org/
  specs:
    rack (1.2.1)
    rack-rewrite (1.0.2)
    sinatra (1.0)
      rack (>= 1.0)

PLATFORMS
  ruby

DEPENDENCIES
  rack-rewrite
  sinatra
